GEM
  remote: http://rubygems.org/
  specs:
    breakpoint (1.3)
      compass (>= 0.12.1)
      sass (>= 3.2.0)
    chunky_png (1.2.8)
    compass (0.12.2)
      chunky_png (~> 1.2)
      fssm (>= 0.2.7)
      sass (~> 3.1)
    fssm (0.2.10)
    modular-scale (1.0.6)
      compass (>= 0.12.1)
      sass (>= 3.2.0)
      sassy-math (>= 1.5)
    sass (3.2.7)
    sassy-math (1.5)
      compass (~> 0.11)

PLATFORMS
  ruby

DEPENDENCIES
  breakpoint (>= 1.1.1)
  compass (>= 0.12.2)
  modular-scale (>= 1.0.2)
  sass (>= 3.2.1)
